GEM
  remote: http://rubygems.org/
  specs:
    abstract (1.0.0)
    builder (3.0.0)
    bunny (0.6.0)
    chef (0.9.12)
      bunny (>= 0.6.0)
      erubis
      extlib
      highline
      json (<= 1.4.6, >= 1.4.4)
      mixlib-authentication (>= 1.1.0)
      mixlib-cli (>= 1.1.0)
      mixlib-config (>= 1.1.2)
      mixlib-log (>= 1.2.0)
      moneta
      ohai (>= 0.5.7)
      rest-client (< 1.7.0, >= 1.0.4)
      uuidtools
    erubis (2.6.6)
      abstract (>= 1.0.0)
    excon (0.5.6)
    extlib (0.9.15)
    fog (0.6.0)
      builder
      excon (>= 0.5.5)
      formatador (>= 0.0.16)
      json
      mime-types
      net-ssh (>= 2.0.23)
      nokogiri (>= 1.4.4)
      ruby-hmac
    formatador (0.0.16)
    highline (1.6.1)
    json (1.4.6)
    mime-types (1.16)
    mixlib-authentication (1.1.4)
      mixlib-log
    mixlib-cli (1.2.0)
    mixlib-config (1.1.2)
    mixlib-log (1.2.0)
    moneta (0.6.0)
    net-ssh (2.1.3)
    net-ssh-gateway (1.0.1)
      net-ssh (>= 1.99.1)
    net-ssh-multi (1.0.1)
      net-ssh (>= 1.99.2)
      net-ssh-gateway (>= 0.99.0)
    nokogiri (1.4.4)
    ohai (0.5.8)
      extlib
      json (<= 1.4.6, >= 1.4.4)
      mixlib-cli
      mixlib-config
      mixlib-log
      systemu
    rest-client (1.6.1)
      mime-types (>= 1.16)
    ruby-hmac (0.4.0)
    systemu (1.2.0)
    uuidtools (2.1.2)

PLATFORMS
  ruby

DEPENDENCIES
  chef (~> 0.9)
  fog
  highline
  net-ssh
  net-ssh-multi
